PATH
  remote: .
  specs:
    sakuvm (1.0.0)
      formatador
      rbvmomi

GEM
  remote: https://rubygems.org/
  specs:
    builder (3.2.3)
    formatador (0.2.5)
    json (2.1.0)
    mini_portile2 (2.3.0)
    minitest (5.11.3)
    nokogiri (1.8.5)
      mini_portile2 (~> 2.3.0)
    optimist (3.0.0)
    rake (10.5.0)
    rbvmomi (2.0.0)
      builder (~> 3.0)
      json (>= 1.8)
      nokogiri (~> 1.5)
      optimist (~> 3.0)

PLATFORMS
  ruby

DEPENDENCIES
  bundler (~> 1.16)
  minitest (~> 5.0)
  rake (~> 10.0)
  sakuvm!

BUNDLED WITH
   1.16.4
